GEM
  specs:
    chronic (0.10.2)
    http_parser.rb (0.6.0)
    lmdb (0.4.8)
    oj (2.12.14)
    polyglot (0.3.5)
    power_assert (0.2.2)
    rack (1.6.4)
    rack-protection (1.5.3)
      rack
    sinatra (1.4.6)
      rack (~> 1.4)
      rack-protection (~> 1.4)
      tilt (>= 1.3, < 3)
    test-unit (3.0.8)
      power_assert
    tilt (2.0.1)
    treetop (1.6.3)
      polyglot (~> 0.3)
    treetop-dcf (0.2.1)
      treetop (>= 1.2.5)
    whenever (0.9.4)
      chronic (>= 0.6.3)

PLATFORMS
  ruby

DEPENDENCIES
  http_parser.rb
  lmdb
  oj
  sinatra
  test-unit
  treetop-dcf
  whenever

BUNDLED WITH
   1.10.6
