GEM
  specs:
    http_parser.rb (0.6.0)
    polyglot (0.3.5)
    treetop (1.6.3)
      polyglot (~> 0.3)
    treetop-dcf (0.2.1)
      treetop (>= 1.2.5)

PLATFORMS
  ruby

DEPENDENCIES
  http_parser.rb
  treetop-dcf

BUNDLED WITH
   1.10.6
